PATH
  remote: .
  specs:
    cadre (1.1.0)
      thor (>= 0.14, < 1.0)
      tilt (> 1.0)
      valise (~> 1.2)

GEM
  remote: https://rubygems.org/
  specs:
    calibrate (0.0.1)
    caliph (0.3.1)
    corundum (0.6.0)
      bundler
      caliph (~> 0.3)
      mattock (~> 0.9)
      paint (~> 0.8.7)
      rspec (>= 2.0)
      simplecov (>= 0.5.4)
      simplecov-json (>= 0.2)
    diff-lcs (1.2.5)
    docile (1.1.5)
    fuubar (1.1.1)
      rspec (~> 2.0)
      rspec-instafail (~> 0.2.0)
      ruby-progressbar (~> 1.0)
    json (1.8.3)
    mattock (0.10.1)
      calibrate (~> 0.0.1)
      caliph (~> 0.3)
      rake (~> 10.0)
      tilt (> 0)
      valise (~> 1.1)
    paint (0.8.7)
    rake (10.5.0)
    rspec (2.99.0)
      rspec-core (~> 2.99.0)
      rspec-expectations (~> 2.99.0)
      rspec-mocks (~> 2.99.0)
    rspec-core (2.99.2)
    rspec-expectations (2.99.2)
      diff-lcs (>= 1.1.3, < 2.0)
    rspec-instafail (0.2.4)
    rspec-mocks (2.99.4)
    ruby-progressbar (1.1.1)
    simplecov (0.11.1)
      docile (~> 1.1.0)
      json (~> 1.8)
      simplecov-html (~> 0.10.0)
    simplecov-html (0.10.0)
    simplecov-json (0.2)
      json
      simplecov
    thor (0.19.4)
    tilt (2.0.2)
    valise (1.2.0)

PLATFORMS
  ruby

DEPENDENCIES
  cadre!
  corundum
  fuubar
  rspec

BUNDLED WITH
   1.15.0
